PATH
  remote: .
  specs:
    kalah (0.1.0)

GEM
  remote: https://rubygems.org/
  specs:
    minitest (5.10.1)
    rake (12.0.0)

PLATFORMS
  ruby

DEPENDENCIES
  bundler (~> 1.13)
  kalah!
  minitest (~> 5.0)
  rake (~> 12.0)

BUNDLED WITH
   1.13.7
